GEM
  remote: https://rubygems.org/
  specs:
    addressable (2.4.0)
    array_include_methods (1.0.4)
    awesome_print (1.9.2)
    builder (3.2.4)
    clipboard (1.3.6)
    concurrent-ruby (1.1.9)
    descendants_tracker (0.0.4)
      thread_safe (~> 0.3, >= 0.3.1)
    diff-lcs (1.4.4)
    docile (1.4.0)
    facets (3.1.0)
    faraday (0.9.2)
      multipart-post (>= 1.2, < 3)
    filewatcher (1.1.1)
      optimist (~> 3.0)
    git (1.9.1)
      rchardet (~> 1.8)
    github_api (0.16.0)
      addressable (~> 2.4.0)
      descendants_tracker (~> 0.0.4)
      faraday (~> 0.8, < 0.10)
      hashie (>= 3.4)
      mime-types (>= 1.16, < 3.0)
      oauth2 (~> 1.0)
    glimmer (2.1.2)
      array_include_methods (>= 1.0.4, < 2.0.0)
      facets (>= 3.1.0, < 4.0.0)
    glimmer-dsl-swt (4.20.15.4)
      concurrent-ruby (>= 1.1.7, < 2.0.0)
      glimmer (~> 2.1.1)
      jruby-win32ole (>= 0.8.5, < 2.0.0)
      logging (>= 2.3.0, < 3.0.0)
      nested_inherited_jruby_include_package (>= 0.3.0, < 2.0.0)
      os (>= 1.0.0, < 2.0.0)
      puts_debuggerer (>= 0.13.0, < 2.0.0)
      rake (>= 13.0.0)
      rake-tui (>= 0.2.3, < 2.0.0)
      rouge (>= 3.26.0, < 4.0.0)
      super_module (>= 1.4.1, < 2.0.0)
      text-table (>= 1.2.4, < 2.0.0)
    hashie (4.1.0)
    highline (2.0.3)
    jar-dependencies (0.4.1)
    jeweler (2.3.9)
      builder
      bundler
      git (>= 1.2.5)
      github_api (~> 0.16.0)
      highline (>= 1.6.15)
      nokogiri (>= 1.5.10)
      psych
      rake
      rdoc
      semver2
    jruby-jars (9.2.19.0)
    jruby-rack (1.1.21)
    jruby-win32ole (0.8.5)
    jwt (2.2.3)
    little-plugger (1.1.4)
    logging (2.3.0)
      little-plugger (~> 1.1)
      multi_json (~> 1.14)
    method_source (1.0.0)
    mime-types (2.99.3)
    multi_json (1.15.0)
    multi_xml (0.6.0)
    multipart-post (2.1.1)
    nested_inherited_jruby_include_package (0.3.0)
    nokogiri (1.12.5-java)
      racc (~> 1.4)
    nokogiri (1.12.5-x86_64-linux)
      racc (~> 1.4)
    oauth2 (1.4.7)
      faraday (>= 0.8, < 2.0)
      jwt (>= 1.0, < 3.0)
      multi_json (~> 1.3)
      multi_xml (~> 0.5)
      rack (>= 1.2, < 3)
    optimist (3.0.1)
    os (1.1.1)
    pastel (0.8.0)
      tty-color (~> 0.5)
    psych (4.0.1)
    psych (4.0.1-java)
      jar-dependencies (>= 0.1.7)
    puts_debuggerer (0.13.1)
      awesome_print (~> 1.9.2)
    racc (1.5.2)
    racc (1.5.2-java)
    rack (2.2.3)
    rake (13.0.6)
    rake-tui (0.2.3)
      tty-prompt
    rchardet (1.8.0)
    rdoc (6.3.2)
    rouge (3.26.0)
    rspec (3.5.0)
      rspec-core (~> 3.5.0)
      rspec-expectations (~> 3.5.0)
      rspec-mocks (~> 3.5.0)
    rspec-core (3.5.4)
      rspec-support (~> 3.5.0)
    rspec-expectations (3.5.0)
      diff-lcs (>= 1.2.0, < 2.0)
      rspec-support (~> 3.5.0)
    rspec-mocks (3.5.0)
      diff-lcs (>= 1.2.0, < 2.0)
      rspec-support (~> 3.5.0)
    rspec-support (3.5.0)
    rubyzip (1.3.0)
    semver2 (3.4.2)
    simplecov (0.21.2)
      docile (~> 1.1)
      simplecov-html (~> 0.11)
      simplecov_json_formatter (~> 0.1)
    simplecov-html (0.12.3)
    simplecov_json_formatter (0.1.3)
    super_module (1.4.1)
      method_source (>= 0.8.2, < 1.1.0)
    text-table (1.2.4)
    thread_safe (0.3.6)
    thread_safe (0.3.6-java)
    tty-color (0.6.0)
    tty-cursor (0.7.1)
    tty-prompt (0.23.1)
      pastel (~> 0.8)
      tty-reader (~> 0.8)
    tty-reader (0.9.0)
      tty-cursor (~> 0.7)
      tty-screen (~> 0.8)
      wisper (~> 2.0)
    tty-screen (0.8.1)
    warbler (2.0.5)
      jruby-jars (>= 9.0.0.0)
      jruby-rack (>= 1.1.1, < 1.3)
      rake (>= 10.1.0)
      rubyzip (~> 1.0, < 1.4)
    wisper (2.0.1)

PLATFORMS
  universal-java-1.8
  x86_64-linux

DEPENDENCIES
  clipboard (~> 1.3.5)
  filewatcher (~> 1.1.1)
  glimmer-dsl-swt (~> 4.20.15.4)
  jeweler (= 2.3.9)
  rspec (~> 3.5.0)
  simplecov
  warbler (= 2.0.5)

BUNDLED WITH
   2.2.24
